GEM
  remote: https://rubygems.org/
  specs:
    actionmailer (7.1.3.2)
      actionpack (7.1.3.2)
      actionview (7.1.3.2)
      activejob (7.1.3.2)
      activesupport (7.1.3.2)
      mail (2.8.1 ~> 2.5, >= 2.5.4)
      net-imap (0.4.10 >= 0)
      net-pop (0.1.2 >= 0)
      net-smtp (0.4.0.1 >= 0)
      rails-dom-testing (2.2.0 ~> 2.2)
    actionpack (7.1.3.2)
      actionview (7.1.3.2)
      activesupport = (7.1.3.2)
      nokogiri >= 1.8.5)
      racc (>= 0)
      rack (>= 3.0.14)
      rack-session (>= 1.0.1)
      rack-test (>= 0.6.3)
      rails-dom-testing (~> 2.2)
      rails-html-sanitizer (~> 1.6)
    activemodel (7.1.3.2)
      activesupport (7.1.3.2)
    activerecord (7.1.3.2)
      activemodel (= 7.1.3.2)
      activesupport (= 7.1.3.2)
      timeout >= (0.4.0)
    activeresource (6.1.0)
      activemodel (7.1.3.2)
      activemodel-serializers-xml (1.0.2)
      activesupport (7.1.3.2)
    activesupport (7.1.3.2)
      base64 (>= 0)
      bigdecimal (>= 0)
      concurrent-ruby (~> 1.0, >= 1.0.2)
      connection_pool (>= 2.2.5)
      drb (>= 0)
      i18n (>= 1.6, < 2)
      minitest (>= 5.1)
      mutex_m (>= 0)
      tzinfo (~> 2.0)
    arel (9.0.0)
    builder (3.2.4)
    coffee-rails (5.0.0)
      coffee-script (>= 2.4.1)
      railties (~> 7.1.3.2)
    coffee-script (2.4.1)
      coffee-script-source
      execjs
    coffee-script-source (1.12.2)
    concurrent-ruby (1.2.3)
    erubis (2.7.0)
    execjs (2.9.1)
    hike (2.1.3)
      rake
    i18n (1.14.4)
      concurrent-ruby (~> 1.2.3)
    journey (1.0.4)
    jquery-rails (4.6.0)
      rails-dom-testing (>= 1, < 3)
      railties (>= 7.1.3.2)
      thor (>= 0.14, < 2.0)
    json (2.7.1)
    mail (2.8.1)
      mini_mime >= (0.1.1)
      net-imap (>= 0)
      net-pop (>= 0)
      net-smtp (>= 0)
    mime-types (3.5.2)
      mime-types-data (~> 3.2015)
    multi_json (1.15.0)
    polyglot (0.3.5)
    rack (3.0.14)
    rack-cache (1.16.0)
      rack (>= 0.4)
    rack-ssl (1.4.1)
      rack
    rack-test (2.1.0)
      rack (>= 1.3)
    rails (7.1.3.2)
      actioncable (= 7.1.3.2)
      actionmailbox (= 7.1.3.2)
      actionmailer (= 7.1.3.2)
      actionpack (= 7.1.3.2)
      actiontext (= 7.1.3.2)
      actionview (= 7.1.3.2)
      activejob (= 7.1.3.2)
      activemodel (= 7.1.3.2)
      activerecord (= 7.1.3.2)
      activestorage (= 7.1.3.2)
      activesupport (= 7.1.3.2)
      bundler (>= 1.15.0)
      railties (= 7.1.3.2)
    railties (7.1.3.2)
      actionpack (= 7.1.3.2)
      activesupport (= 7.1.3.2)
      irb (>= 0)
      rackup (>= 1.0.0)
      rake (>= 12.2)
      thor (~> 1.0, >= 1.2.2)
      zeitwerk (~> 2.6)
    rake (13.1.0)
    rdoc (6.6.3.1)
      psych (>= 4.0.0)
    sass (3.7.4)
      sass-listen (~> 4.0.0)
    sass-rails (6.0.0)
      sassc-rails (~> 2.1, >= 2.1.1)
    sprockets (4.2.1)
      concurrent-ruby (~> 1.0)
      rack (>= 2.2.4, < 4)
    sqlite3 (1.7.3)
      mini_portile2 (~> 2.8.0)
    sqlite3 (1.7.3-x64-mingw32)
    thor (1.3.1)
    tilt (2.3.0)
    treetop (1.6.12)
      polyglot (~> 0.3)
    tzinfo (2.0.6)
      concurrent-ruby (~> 1.0)
    uglifier (4.2.0)
      execjs (>= 0.3.0, < 3)

PLATFORMS
  ruby
  x64-mingw32

DEPENDENCIES
  coffee-rails (~> 5.0.0)
  jquery-rails
  rails (= 7.1.3.2)
  sass-rails (~> 6.0.0)
  sqlite3
  uglifier (>= 4.2.0)
