GEM
  remote: https://rubygems.org/
  specs:
    actionmailer (7.0.5)
      actionpack (= 7.0.5)
      mail (~> 2.5.4)
    actionpack (7.0.5)
      activemodel (= 7.0.5)
      activesupport (= 7.0.5)
      builder (~> 3.2.0)
      erubis (~> 2.7.0)
      journey (~> 1.0.4)
      rack (~> 2.0)
      rack-cache (~> 1.13.0)
      rack-test (~> 2.1.0)
      sprockets (~> 4.2.0)
    activemodel (7.0.5)
      activesupport (= 7.0.5)
      builder (~> 3.0.0)
    activerecord (7.0.5)
      activemodel (= 7.0.5)
      activesupport (= 7.0.5)
      arel (~> 9.0.0)
      tzinfo (~> 2.0.6)
    activeresource (7.0.5)
      activemodel (= 7.0.5)
      activesupport (= 7.0.5)
    activesupport (7.0.5)
      i18n (~> 1.14, >= 1.14.1)
      multi_json (~> 1.15)
    arel (9.0.0)
    builder (3.2.4)
    coffee-rails (5.0.0)
      coffee-script (>= 2.2.0)
      railties (~> 5.2.0)
    coffee-script (2.2.0)
      coffee-script-source
      execjs
    coffee-script-source (1.12.2)
    concurrent-ruby (1.2.2)
    erubis (2.7.0)
    execjs (2.8.1)
      multi_json (~> 1.15.0)
    hike (2.1.3)
    i18n (1.14.1)
      concurrent-ruby (~> 1.2.2)
    journey (1.0.4)
    jquery-rails (4.5.1)
      railties (>= 4.2.0)
      thor (>= 0.14, < 2.0)
    json (2.6.3)
    mail (2.8.1)
      mime-types (~> 3.4.1)
      treetop (~> 1.6.12)
    mime-types (3.4.1)
    multi_json (1.15.0)
    polyglot (0.3.5)
    rack (3.0.7)
    rack-cache (1.13.0)
      rack (>= 0.4)
    rack-ssl (1.4.1)
      rack
    rack-test (2.1.0)
      rack (>= 1.3)
    rails (7.0.5)
      actionmailer (= 7.0.5)
      actionpack (= 7.0.5)
      activerecord (= 7.0.5)
      activeresource (= 7.0.5)
      activesupport (= 7.0.5)
      bundler (~> 1.15.0)
      railties (= 7.0.5)
    railties (7.0.5)
      actionpack (= 7.0.5)
      activesupport (= 7.0.5)
      rack-ssl (~> 1.4.1)
      rake (>= 12.2)
      rdoc (~> 6.5.0)
      thor (>= 1.0)
    rake (13.0.1)
    rdoc (6.5.0)
      json (~> 2.6.3)
    sass (3.2.5)
    sass-rails (3.2.6)
      railties (~> 3.2.0)
      sass (>= 3.1.10)
      tilt (~> 1.3)
    sprockets (4.2.0)
      hike (~> 1.2)
      multi_json (~> 1.0)
      rack (~> 1.0)
      tilt (~> 1.1, != 1.3.0)
    sqlite3 (1.3.7)
    sqlite3 (1.3.7-x86-mingw32)
    thor (1.0.1)
    tilt (1.4.1)
    treetop (1.4.15)
      polyglot
      polyglot (>= 0.3.1)
    tzinfo (0.3.61)
    uglifier (2.7.2)
      execjs (>= 0.3.0)
      json (>= 1.8.0)

PLATFORMS
  ruby
  x86-mingw32

DEPENDENCIES
  coffee-rails (~> 5.0.0)
  jquery-rails
  rails (= 7.0.5)
  sass-rails (~> 3.2.3)
  sqlite3
  uglifier (>= 1.0.3)
